GEM
  remote: https://rubygems.org/
  specs:
    dotenv (1.0.2)
    dotenv-heroku (0.0.1)
      rake
    json (1.8.2)
    rack (1.6.0)
    rack-protection (1.5.3)
      rack
    rake (10.4.2)
    sinatra (1.4.5)
      rack (~> 1.4)
      rack-protection (~> 1.4)
      tilt (~> 1.3, >= 1.3.4)
    slim (3.0.2)
      temple (~> 0.7.3)
      tilt (>= 1.3.3, < 2.1)
    temple (0.7.5)
    tilt (1.4.1)

PLATFORMS
  ruby

DEPENDENCIES
  dotenv
  dotenv-heroku
  json
  sinatra
  slim
